PATH
  remote: .
  specs:
    abstract-message-queue (1.0.2)
      activesupport (~> 3.0)
      json (~> 1.6)

GEM
  remote: http://rubygems.org/
  specs:
    activesupport (3.2.2)
      i18n (~> 0.6)
      multi_json (~> 1.0)
    aws-sdk (1.1.4)
      httparty (~> 0.7)
      json (~> 1.4)
      nokogiri (>= 1.4.4)
      uuidtools (~> 2.1)
    diff-lcs (1.1.3)
    httparty (0.8.0)
      multi_json
      multi_xml
    i18n (0.6.0)
    json (1.6.0)
    mini_portile2 (2.5.1)
    multi_json (1.0.3)
    multi_xml (0.4.0)
    nokogiri (1.11.4)
      mini_portile2 (~> 2.5.0)
      racc (~> 1.4)
    racc (1.5.2)
    rake (0.9.2)
    rspec (2.6.0)
      rspec-core (~> 2.6.0)
      rspec-expectations (~> 2.6.0)
      rspec-mocks (~> 2.6.0)
    rspec-core (2.6.4)
    rspec-expectations (2.6.0)
      diff-lcs (~> 1.1.2)
    rspec-mocks (2.6.0)
    stomp (1.1.9)
    uuidtools (2.1.2)

PLATFORMS
  ruby

DEPENDENCIES
  abstract-message-queue!
  aws-sdk (~> 1.0)
  rake
  rspec (~> 2.6)
  stomp (~> 1.1)
