PATH
  remote: .
  specs:
    abstract-message-queue (1.0.2)
      activesupport (>= 3, < 7)
      json (~> 1.6)

GEM
  remote: http://rubygems.org/
  specs:
    activesupport (6.0.3.2)
      concurrent-ruby (~> 1.0, >= 1.0.2)
      i18n (>= 0.7, < 2)
      minitest (~> 5.1)
      tzinfo (~> 1.1)
      zeitwerk (~> 2.2, >= 2.2.2)
    aws-sdk (1.1.4)
      httparty (~> 0.7)
      json (~> 1.4)
      nokogiri (>= 1.4.4)
      uuidtools (~> 2.1)
    concurrent-ruby (1.1.6)
    diff-lcs (1.1.3)
    httparty (0.8.0)
      multi_json
      multi_xml
    i18n (1.8.3)
      concurrent-ruby (~> 1.0)
    json (1.6.0)
    minitest (5.14.1)
    multi_json (1.15.0)
    multi_xml (0.4.0)
    nokogiri (1.5.0)
    rake (0.9.2)
    rspec (2.6.0)
      rspec-core (~> 2.6.0)
      rspec-expectations (~> 2.6.0)
      rspec-mocks (~> 2.6.0)
    rspec-core (2.6.4)
    rspec-expectations (2.6.0)
      diff-lcs (~> 1.1.2)
    rspec-mocks (2.6.0)
    stomp (1.1.9)
    thread_safe (0.3.6)
    tzinfo (1.2.7)
      thread_safe (~> 0.1)
    uuidtools (2.1.2)
    zeitwerk (2.4.0)

PLATFORMS
  ruby

DEPENDENCIES
  abstract-message-queue!
  aws-sdk (~> 1.0)
  rake
  rspec (~> 2.6)
  stomp (~> 1.1)
